GEM
  remote: http://rubygems.org/
  specs:
    parallel (1.6.1)
    ruby-progressbar (1.7.5)

PLATFORMS
  ruby

DEPENDENCIES
  parallel
  ruby-progressbar
